GIT
  remote: git://github.com/sleighter/broadlink_rm
  revision: 64f8529613e2e58c1d7923cbe2cb47e343e673b9
  specs:
    broadlink_rm (0.0.1)

GEM
  remote: https://rubygems.org/
  specs:
    coderay (1.1.1)
    dotenv (2.0.2)
    foreman (0.78.0)
      thor (~> 0.19.1)
    git-version-bump (0.15.1)
    method_source (0.8.2)
    pry (0.10.3)
      coderay (~> 1.1.0)
      method_source (~> 0.8.1)
      slop (~> 3.4)
    puma (3.6.0)
    rack (1.6.4)
    rack-contrib (1.4.0)
      git-version-bump (~> 0.15)
      rack (~> 1.4)
    rack-protection (1.5.3)
      rack
    redis (3.3.2)
    sinatra (1.4.7)
      rack (~> 1.5)
      rack-protection (~> 1.4)
      tilt (>= 1.3, < 3)
    slop (3.6.0)
    thor (0.19.1)
    tilt (2.0.2)

PLATFORMS
  ruby

DEPENDENCIES
  broadlink_rm!
  dotenv
  foreman
  pry
  puma
  rack
  rack-contrib
  redis
  sinatra

RUBY VERSION
   ruby 2.2.2p95

BUNDLED WITH
   1.13.6
